PATH
  remote: .
  specs:
    give (0.1.0)
      highline
      octokit (= 0.5.1)
      thor

GEM
  remote: https://rubygems.org/
  specs:
    addressable (2.2.8)
    diff-lcs (1.1.3)
    faraday (0.5.7)
      addressable (~> 2.2.4)
      multipart-post (~> 1.1.0)
      rack (>= 1.1.0, < 2)
    faraday_middleware (0.3.2)
      faraday (~> 0.5.4)
    hashie (1.0.0)
    highline (2.0.0)
    multi_json (0.0.5)
    multi_xml (0.2.2)
    multipart-post (1.1.5)
    octokit (0.5.1)
      addressable (~> 2.2.4)
      faraday (~> 0.5.4)
      faraday_middleware (~> 0.3.1)
      hashie (~> 1.0.0)
      multi_json (~> 0.0.5)
      multi_xml (~> 0.2.0)
    rack (1.6.11)
    rake (10.5.0)
    rspec (2.7.0)
      rspec-core (~> 2.7.0)
      rspec-expectations (~> 2.7.0)
      rspec-mocks (~> 2.7.0)
    rspec-core (2.7.1)
    rspec-expectations (2.7.0)
      diff-lcs (~> 1.1.2)
    rspec-mocks (2.7.0)
    thor (0.20.3)

PLATFORMS
  ruby

DEPENDENCIES
  bundler (~> 1.17)
  give!
  rake (~> 10.0)
  rspec (~> 2.7.0)

BUNDLED WITH
   1.17.2
